GEM
  remote: http://rubygems.org/
  specs:
    RedCloth (4.2.7)
    aasm (2.2.0)
    abstract (1.0.0)
    actionmailer (3.0.0)
      actionpack (= 3.0.0)
      mail (~> 2.2.5)
    actionpack (3.0.0)
      activemodel (= 3.0.0)
      activesupport (= 3.0.0)
      builder (~> 2.1.2)
      erubis (~> 2.6.6)
      i18n (~> 0.4.1)
      rack (~> 1.2.1)
      rack-mount (~> 0.6.12)
      rack-test (~> 0.5.4)
      tzinfo (~> 0.3.23)
    activemodel (3.0.0)
      activesupport (= 3.0.0)
      builder (~> 2.1.2)
      i18n (~> 0.4.1)
    activerecord (3.0.0)
      activemodel (= 3.0.0)
      activesupport (= 3.0.0)
      arel (~> 1.0.0)
      tzinfo (~> 0.3.23)
    activeresource (3.0.0)
      activemodel (= 3.0.0)
      activesupport (= 3.0.0)
    activesupport (3.0.0)
    acts-as-list (0.1.2)
    arel (1.0.1)
      activesupport (~> 3.0.0)
    aws-s3 (0.6.2)
      builder
      mime-types
      xml-simple
    babosa (0.2.2)
    bcrypt-ruby (2.1.4)
    builder (2.1.2)
    chronic (0.3.0)
    comma (0.4.1)
      activesupport (>= 2.2.2)
    devise (1.1.8)
      bcrypt-ruby (~> 2.1.2)
      warden (~> 1.0.2)
    erubis (2.6.6)
      abstract (>= 1.0.0)
    faker (0.9.5)
      i18n (~> 0.4)
    fastercsv (1.5.4)
    formtastic (1.2.3)
      actionpack (>= 2.3.7)
      activesupport (>= 2.3.7)
      i18n (~> 0.4)
    friendly_id (3.2.1)
      babosa (~> 0.2.1)
    haml (3.0.18)
    haml-rails (0.3.4)
      actionpack (~> 3.0)
      activesupport (~> 3.0)
      haml (~> 3.0)
      railties (~> 3.0)
    hoptoad_notifier (2.4.7)
      activesupport
      builder
    hpricot (0.8.4)
    i18n (0.4.2)
    jquery-rails (0.2.7)
      rails (~> 3.0)
      thor (~> 0.14.4)
    json_pure (1.4.6)
    mail (2.2.15)
      activesupport (>= 2.3.6)
      i18n (>= 0.4.0)
      mime-types (~> 1.16)
      treetop (~> 1.4.8)
    meta_search (0.9.8)
      actionpack (~> 3.0.0)
      activerecord (~> 3.0.0)
      activesupport (~> 3.0.0)
      arel (~> 1.0.1)
    mime-types (1.16)
    mini_magick (3.2)
      subexec (~> 0.0.4)
    mysql (2.8.1)
    paperclip (2.3.8)
      activerecord
      activesupport
    polyglot (0.3.1)
    rack (1.2.2)
    rack-mount (0.6.13)
      rack (>= 1.0.0)
    rack-test (0.5.7)
      rack (>= 1.0)
    rails (3.0.0)
      actionmailer (= 3.0.0)
      actionpack (= 3.0.0)
      activerecord (= 3.0.0)
      activeresource (= 3.0.0)
      activesupport (= 3.0.0)
      bundler (~> 1.0.0)
      railties (= 3.0.0)
    railties (3.0.0)
      actionpack (= 3.0.0)
      activesupport (= 3.0.0)
      rake (>= 0.8.4)
      thor (~> 0.14.0)
    rake (0.8.7)
    ruby_parser (2.0.6)
      sexp_processor (~> 3.0)
    sexp_processor (3.0.5)
    subexec (0.0.4)
    thor (0.14.6)
    treetop (1.4.9)
      polyglot (>= 0.3.1)
    tzinfo (0.3.25)
    warden (1.0.3)
      rack (>= 1.0.0)
    whenever (0.5.0)
      chronic (>= 0.2.3)
    will_paginate (3.0.pre2)
    xml-simple (1.0.14)

PLATFORMS
  ruby

DEPENDENCIES
  RedCloth
  aasm (= 2.2.0)
  acts-as-list
  aws-s3
  comma
  devise
  faker
  fastercsv
  formtastic
  friendly_id (~> 3.1)
  haml (= 3.0.18)
  haml-rails
  hoptoad_notifier
  hpricot
  jquery-rails (>= 0.2.6)
  json_pure (= 1.4.6)
  meta_search
  mini_magick
  mysql
  paperclip
  rails (= 3.0.0)
  ruby_parser
  whenever (= 0.5.0)
  will_paginate (= 3.0.pre2)
